GEM
  remote: https://rubygems.org/
  specs:
    addressable (2.8.7)
      public_suffix (>= 2.0.2, < 7.0)
    colorize (1.1.0)
    diff-lcs (1.5.1)
    faraday (2.12.0)
      faraday-net_http (>= 2.0, < 3.4)
      json
      logger
    faraday-net_http (3.3.0)
      net-http
    git-pr-release (2.2.0)
      colorize
      diff-lcs
      highline
      octokit
    highline (3.1.1)
      reline
    io-console (0.7.2)
    json (2.7.1)
    logger (1.6.1)
    net-http (0.4.1)
      uri
    octokit (9.1.0)
      faraday (>= 1, < 3)
      sawyer (~> 0.9)
    public_suffix (6.0.1)
    reline (0.5.10)
      io-console (~> 0.5)
    sawyer (0.9.2)
      addressable (>= 2.3.5)
      faraday (>= 0.17.3, < 3)
    uri (0.13.1)

PLATFORMS
  arm64-darwin-24
  ruby

DEPENDENCIES
  git-pr-release

BUNDLED WITH
   2.5.16
